PATH
  remote: .
  specs:
    prevent_remote_requests (0.0.2)
      ip_address

GEM
  remote: https://rubygems.org/
  specs:
    diff-lcs (1.2.4)
    ip_address (0.1.2)
    rack (1.5.2)
    rack-test (0.6.2)
      rack (>= 1.0)
    rake (10.1.0)
    rspec (2.13.0)
      rspec-core (~> 2.13.0)
      rspec-expectations (~> 2.13.0)
      rspec-mocks (~> 2.13.0)
    rspec-core (2.13.1)
    rspec-expectations (2.13.0)
      diff-lcs (>= 1.1.3, < 2.0)
    rspec-mocks (2.13.1)

PLATFORMS
  ruby

DEPENDENCIES
  bundler (~> 1.3)
  prevent_remote_requests!
  rack
  rack-test
  rake
  rspec
